GEM
  remote: https://rubygems.org/
  specs:
    diff-lcs (1.2.1)
    ffi (1.4.0)
    ffi-aspell (0.0.3)
      ffi (>= 1.0.11)
    rspec (2.13.0)
      rspec-core (~> 2.13.0)
      rspec-expectations (~> 2.13.0)
      rspec-mocks (~> 2.13.0)
    rspec-core (2.13.0)
    rspec-expectations (2.13.0)
      diff-lcs (>= 1.1.3, < 2.0)
    rspec-mocks (2.13.0)

PLATFORMS
  ruby

DEPENDENCIES
  ffi-aspell
  rspec (>= 2.12.0)
